FRAMEWORK: NET46
NUGET
  remote: https://www.nuget.org/api/v2
    CompareNETObjects (3.6)
    Elasticsearch.Net (5.3.1)
    EventStore.Client (4.0)
    EventStore.Client.Embedded (4.0)
      EventStore.Client (4.0)
    Microsoft.Azure.KeyVault.Core (2.0.4)
    Microsoft.Data.Edm (5.8.2)
    Microsoft.Data.OData (5.8.2)
      Microsoft.Data.Edm (5.8.2)
      System.Spatial (5.8.2)
    Microsoft.Data.Services.Client (5.8.2)
      Microsoft.Data.OData (5.8.2)
    Newtonsoft.Json (10.0.2)
    NuGet.CommandLine (3.5)
    NUnit (3.6.1)
    NUnit.ReSharperRunner3 (3.0.12)
    RavenDB.Client (3.5.3)
    RavenDB.Database (3.5.3)
      RavenDB.Client (3.5.3)
    RavenDB.Embedded (3.5.3)
      RavenDB.Database (3.5.3)
    StackExchange.Redis (1.2.1)
    System.Data.SQLite.Core (1.0.105)
    System.Data.SQLite.Core.MSIL (1.0.105)
    System.Spatial (5.8.2)
    WindowsAzure.Storage (8.1.1)
      Microsoft.Azure.KeyVault.Core (>= 1.0)
      Microsoft.Data.OData (>= 5.8.2)
      Microsoft.Data.Services.Client (>= 5.8.2)
      Newtonsoft.Json (>= 6.0.8)
